PATH
  remote: .
  specs:
    emend (1.1.9)

GEM
  remote: https://rubygems.org/
  specs:
    power_assert (1.1.1)
    rake (10.5.0)
    test-unit (3.2.6)
      power_assert

PLATFORMS
  ruby

DEPENDENCIES
  bundler (~> 1.16)
  emend!
  rake (~> 10.0)
  test-unit (~> 3.2.3, ~> 3.2)

BUNDLED WITH
   1.16.1
