PATH
  remote: .
  specs:
    bootstrap (1.1.5)

GEM
  remote: https://rubygems.org/
  specs:
    power_assert (1.1.1)
    rake (10.5.0)
    test-unit (3.2.6)
      power_assert

PLATFORMS
  ruby

DEPENDENCIES
  bootstrap!
  bundler (~> 1.16)
  rake (~> 10.0)
  test-unit (~> 3.2, >= 3.2.3)

BUNDLED WITH
   1.16.0
